PATH
  remote: .
  specs:
    virgola (0.0.2)
      activemodel (= 3.1.3)
      activesupport (= 3.1.3)
      bundler (~> 1.0)

GEM
  remote: https://rubygems.org/
  specs:
    activemodel (3.1.3)
      activesupport (= 3.1.3)
      builder (~> 3.0.0)
      i18n (~> 0.6)
    activesupport (3.1.3)
      multi_json (~> 1.0)
    builder (3.0.0)
    coderay (1.0.5)
    diff-lcs (1.1.3)
    i18n (0.6.0)
    method_source (0.7.0)
    multi_json (1.0.4)
    pry (0.9.8.2)
      coderay (~> 1.0.5)
      method_source (~> 0.7)
      slop (>= 2.4.4, < 3)
    rake (0.9.2.2)
    rspec (2.8.0)
      rspec-core (~> 2.8.0)
      rspec-expectations (~> 2.8.0)
      rspec-mocks (~> 2.8.0)
    rspec-core (2.8.0)
    rspec-expectations (2.8.0)
      diff-lcs (~> 1.1.2)
    rspec-mocks (2.8.0)
    slop (2.4.4)

PLATFORMS
  ruby

DEPENDENCIES
  pry
  rake
  rspec
  virgola!
